GIT
  remote: https://github.com/mlibrary/checkpoint.git
  revision: 7a0480dd4dc7b1918e4d8619c2fdf42275871fb5
  specs:
    checkpoint (1.1.3)
      ettin (~> 1.1)
      sequel (~> 5.6)

GIT
  remote: https://github.com/mlibrary/kcv.git
  revision: 247f37bd5b4fa535f97d943c3c08919ed931c1ea
  specs:
    kcv (0.4.1)
      checkpoint (~> 1.1.0)
      keycard (~> 0.3.0)
      vizier (~> 0.1.0)

GIT
  remote: https://github.com/mlibrary/keycard.git
  revision: 7606502fb3116251286a12655b34ce8dc104f474
  specs:
    keycard (0.3.4)
      sequel

GIT
  remote: https://github.com/mlibrary/vizier.git
  revision: 0fd2eda16aec9d5b045bd43ccf7f6bda7d22df23
  specs:
    vizier (0.1.0)

GEM
  remote: https://rubygems.org/
  specs:
    actioncable (5.2.4.3)
      actionpack (= 5.2.4.3)
      nio4r (~> 2.0)
      websocket-driver (>= 0.6.1)
    actionmailer (5.2.4.3)
      actionpack (= 5.2.4.3)
      actionview (= 5.2.4.3)
      activejob (= 5.2.4.3)
      mail (~> 2.5, >= 2.5.4)
      rails-dom-testing (~> 2.0)
    actionpack (5.2.4.3)
      actionview (= 5.2.4.3)
      activesupport (= 5.2.4.3)
      rack (~> 2.0, >= 2.0.8)
      rack-test (>= 0.6.3)
      rails-dom-testing (~> 2.0)
      rails-html-sanitizer (~> 1.0, >= 1.0.2)
    actionview (5.2.4.3)
      activesupport (= 5.2.4.3)
      builder (~> 3.1)
      erubi (~> 1.4)
      rails-dom-testing (~> 2.0)
      rails-html-sanitizer (~> 1.0, >= 1.0.3)
    activejob (5.2.4.3)
      activesupport (= 5.2.4.3)
      globalid (>= 0.3.6)
    activemodel (5.2.4.3)
      activesupport (= 5.2.4.3)
    activerecord (5.2.4.3)
      activemodel (= 5.2.4.3)
      activesupport (= 5.2.4.3)
      arel (>= 9.0)
    activestorage (5.2.4.3)
      actionpack (= 5.2.4.3)
      activerecord (= 5.2.4.3)
      marcel (~> 0.3.1)
    activesupport (5.2.4.3)
      concurrent-ruby (~> 1.0, >= 1.0.2)
      i18n (>= 0.7, < 2)
      minitest (~> 5.1)
      tzinfo (~> 1.1)
    arel (9.0.0)
    ast (2.4.0)
    bindex (0.5.0)
    builder (3.2.4)
    byebug (10.0.0)
    canister (0.9.0)
    coderay (1.1.2)
    concurrent-ruby (1.1.6)
    coveralls (0.8.21)
      json (>= 1.8, < 3)
      simplecov (~> 0.14.1)
      term-ansicolor (~> 1.3)
      thor (~> 0.19.4)
      tins (~> 1.6)
    crass (1.0.6)
    deep_merge (1.2.1)
    diff-lcs (1.3)
    docile (1.1.5)
    erubi (1.9.0)
    ettin (1.2.1)
      deep_merge
    execjs (2.7.0)
    factory_bot (4.8.2)
      activesupport (>= 3.0.0)
    factory_bot_rails (4.8.2)
      factory_bot (~> 4.8.2)
      railties (>= 3.0.0)
    faker (1.8.7)
      i18n (>= 0.7)
    ffi (1.9.21)
    ffi (1.9.21-java)
    ffi (1.9.21-x64-mingw32)
    ffi (1.9.21-x86-mingw32)
    globalid (0.4.2)
      activesupport (>= 4.2.0)
    i18n (1.8.3)
      concurrent-ruby (~> 1.0)
    jbuilder (2.7.0)
      activesupport (>= 4.2.0)
      multi_json (>= 1.2)
    json (2.1.0)
    json (2.1.0-java)
    listen (3.1.5)
      rb-fsevent (~> 0.9, >= 0.9.4)
      rb-inotify (~> 0.9, >= 0.9.7)
      ruby_dep (~> 1.2)
    loofah (2.6.0)
      crass (~> 1.0.2)
      nokogiri (>= 1.5.9)
    mail (2.7.1)
      mini_mime (>= 0.1.1)
    marcel (0.3.3)
      mimemagic (~> 0.3.2)
    method_source (0.9.2)
    mimemagic (0.3.5)
    mini_mime (1.0.2)
    mini_portile2 (2.4.0)
    minitest (5.14.1)
    multi_json (1.13.1)
    mysql2 (0.4.10)
    mysql2 (0.4.10-x64-mingw32)
    mysql2 (0.4.10-x86-mingw32)
    mysql2 (0.4.10-x86-mswin32-60)
    nio4r (2.5.2)
    nio4r (2.5.2-java)
    nokogiri (1.10.10)
      mini_portile2 (~> 2.4.0)
    nokogiri (1.10.10-java)
    nokogiri (1.10.10-x64-mingw32)
      mini_portile2 (~> 2.4.0)
    nokogiri (1.10.10-x86-mingw32)
      mini_portile2 (~> 2.4.0)
    parallel (1.12.1)
    parser (2.4.0.2)
      ast (~> 2.3)
    powerpack (0.1.1)
    pry (0.11.3)
      coderay (~> 1.1.0)
      method_source (~> 0.9.0)
    pry (0.11.3-java)
      coderay (~> 1.1.0)
      method_source (~> 0.9.0)
      spoon (~> 0.0)
    pry-byebug (3.6.0)
      byebug (~> 10.0)
      pry (~> 0.10)
    puma (3.12.6)
    puma (3.12.6-java)
    rack (2.2.3)
    rack-test (1.1.0)
      rack (>= 1.0, < 3)
    rails (5.2.4.3)
      actioncable (= 5.2.4.3)
      actionmailer (= 5.2.4.3)
      actionpack (= 5.2.4.3)
      actionview (= 5.2.4.3)
      activejob (= 5.2.4.3)
      activemodel (= 5.2.4.3)
      activerecord (= 5.2.4.3)
      activestorage (= 5.2.4.3)
      activesupport (= 5.2.4.3)
      bundler (>= 1.3.0)
      railties (= 5.2.4.3)
      sprockets-rails (>= 2.0.0)
    rails-dom-testing (2.0.3)
      activesupport (>= 4.2.0)
      nokogiri (>= 1.6)
    rails-html-sanitizer (1.0.4)
      loofah (~> 2.2, >= 2.2.2)
    railties (5.2.4.3)
      actionpack (= 5.2.4.3)
      activesupport (= 5.2.4.3)
      method_source
      rake (>= 0.8.7)
      thor (>= 0.19.0, < 2.0)
    rainbow (3.0.0)
    rake (13.0.1)
    rb-fsevent (0.10.2)
    rb-inotify (0.9.10)
      ffi (>= 0.5.0, < 2)
    rspec-core (3.7.1)
      rspec-support (~> 3.7.0)
    rspec-expectations (3.7.0)
      diff-lcs (>= 1.2.0, < 2.0)
      rspec-support (~> 3.7.0)
    rspec-mocks (3.7.0)
      diff-lcs (>= 1.2.0, < 2.0)
      rspec-support (~> 3.7.0)
    rspec-rails (3.7.2)
      actionpack (>= 3.0)
      activesupport (>= 3.0)
      railties (>= 3.0)
      rspec-core (~> 3.7.0)
      rspec-expectations (~> 3.7.0)
      rspec-mocks (~> 3.7.0)
      rspec-support (~> 3.7.0)
    rspec-support (3.7.1)
    rubocop (0.52.1)
      parallel (~> 1.10)
      parser (>= 2.4.0.2, < 3.0)
      powerpack (~> 0.1)
      rainbow (>= 2.2.2, < 4.0)
      ruby-progressbar (~> 1.7)
      unicode-display_width (~> 1.0, >= 1.0.1)
    rubocop-rspec (1.16.0)
      rubocop (>= 0.49.0)
    ruby-progressbar (1.9.0)
    ruby_dep (1.5.0)
    sass (3.5.5)
      sass-listen (~> 4.0.0)
    sass-listen (4.0.0)
      rb-fsevent (~> 0.9, >= 0.9.4)
      rb-inotify (~> 0.9, >= 0.9.7)
    sass-rails (5.0.7)
      railties (>= 4.0.0, < 6)
      sass (~> 3.1)
      sprockets (>= 2.8, < 4.0)
      sprockets-rails (>= 2.0, < 4.0)
      tilt (>= 1.1, < 3)
    sequel (5.27.0)
    simplecov (0.14.1)
      docile (~> 1.1.0)
      json (>= 1.8, < 3)
      simplecov-html (~> 0.10.0)
    simplecov-html (0.10.2)
    slim (3.0.9)
      temple (>= 0.7.6, < 0.9)
      tilt (>= 1.3.3, < 2.1)
    slim-rails (3.1.3)
      actionpack (>= 3.1)
      railties (>= 3.1)
      slim (~> 3.0)
    spoon (0.0.6)
      ffi
    sprockets (3.7.2)
      concurrent-ruby (~> 1.0)
      rack (> 1, < 3)
    sprockets-rails (3.2.1)
      actionpack (>= 4.0)
      activesupport (>= 4.0)
      sprockets (>= 3.0.0)
    sqlite3 (1.3.13)
    sqlite3 (1.3.13-x64-mingw32)
    sqlite3 (1.3.13-x86-mingw32)
    sqlite3 (1.3.13-x86-mswin32-60)
    temple (0.8.0)
    term-ansicolor (1.6.0)
      tins (~> 1.0)
    thor (0.19.4)
    thread_safe (0.3.6)
    thread_safe (0.3.6-java)
    tilt (2.0.8)
    tins (1.16.3)
    turbolinks (5.1.0)
      turbolinks-source (~> 5.1)
    turbolinks-source (5.1.0)
    tzinfo (1.2.7)
      thread_safe (~> 0.1)
    tzinfo-data (1.2018.3)
      tzinfo (>= 1.0.0)
    uglifier (4.1.6)
      execjs (>= 0.3.0, < 3)
    unicode-display_width (1.3.0)
    web-console (3.5.1)
      actionview (>= 5.0)
      activemodel (>= 5.0)
      bindex (>= 0.4.0)
      railties (>= 5.0)
    websocket-driver (0.7.2)
      websocket-extensions (>= 0.1.0)
    websocket-driver (0.7.2-java)
      websocket-extensions (>= 0.1.0)
    websocket-extensions (0.1.5)

PLATFORMS
  java
  ruby
  x64-mingw32
  x86-mingw32
  x86-mswin32

DEPENDENCIES
  canister
  checkpoint (~> 1.1)!
  coveralls
  ettin
  factory_bot_rails (~> 4.8.2)
  faker (~> 1.8.4)
  jbuilder (~> 2.5)
  kcv (~> 0.4.1)!
  keycard (~> 0.3)!
  listen (>= 3.0.5, < 3.2)
  mysql2 (>= 0.3.18, < 0.5)
  pry
  pry-byebug
  puma (~> 3.12)
  rails (~> 5.2.4)
  rails-html-sanitizer (~> 1.0.4)
  rspec-rails (~> 3.7)
  rubocop (~> 0.52.0)
  rubocop-rspec (~> 1.16.0)
  sass-rails (~> 5.0)
  slim-rails (~> 3.1)
  sqlite3
  turbolinks (~> 5)
  tzinfo-data
  uglifier (>= 1.3.0)
  vizier (~> 0.1)!
  web-console (>= 3.3.0)

BUNDLED WITH
   1.17.3
